PATH
  remote: .
  specs:
    gesund-redis (0.0.2)
      gesund
      redis

GEM
  remote: https://rubygems.org/
  specs:
    diff-lcs (1.2.4)
    gesund (0.0.1)
      rack
      thor
    multi_json (1.7.2)
    rack (1.5.2)
    rake (10.0.4)
    redis (3.0.4)
    rspec (2.13.0)
      rspec-core (~> 2.13.0)
      rspec-expectations (~> 2.13.0)
      rspec-mocks (~> 2.13.0)
    rspec-core (2.13.1)
    rspec-expectations (2.13.0)
      diff-lcs (>= 1.1.3, < 2.0)
    rspec-mocks (2.13.1)
    simplecov (0.7.1)
      multi_json (~> 1.0)
      simplecov-html (~> 0.7.1)
    simplecov-html (0.7.1)
    thor (0.18.1)

PLATFORMS
  ruby

DEPENDENCIES
  bundler (~> 1.3)
  gesund-redis!
  rake
  rspec
  simplecov
